GEM
  remote: https://rubygems.org/
  specs:
    chunky_png (1.2.9)
    compass (0.12.2)
      chunky_png (~> 1.2)
      fssm (>= 0.2.7)
      sass (~> 3.1)
    fssm (0.2.10)
    sass (3.2.12)
    sassy-math (1.5)
      compass (~> 0.11)
    susy (1.0.9)
      compass (>= 0.12.2)
      sass (>= 3.2.0)

PLATFORMS
  ruby

DEPENDENCIES
  compass (= 0.12.2)
  sass (= 3.2.12)
  sassy-math (= 1.5)
  susy (= 1.0.9)
