GEM
  remote: https://rubygems.org/
  specs:
    xml-simple (1.1.2)

PLATFORMS
  ruby
  x86-mingw32

DEPENDENCIES
  xml-simple (~> 1.1.2)
